PATH
  remote: .
  specs:
    signatory (0.0.6)
      activeresource (>= 2.3.9)
      bundler (>= 1.0.0)
      oauth (= 0.4.3)

GEM
  remote: http://rubygems.org/
  specs:
    activeresource (2.3.9)
      activesupport (= 2.3.9)
    activesupport (2.3.9)
    addressable (2.2.1)
    crack (0.1.8)
    diff-lcs (1.1.2)
    oauth (0.4.3)
    rake (0.8.7)
    rspec (2.0.0.beta.22)
      rspec-core (= 2.0.0.beta.22)
      rspec-expectations (= 2.0.0.beta.22)
      rspec-mocks (= 2.0.0.beta.22)
    rspec-core (2.0.0.beta.22)
    rspec-expectations (2.0.0.beta.22)
      diff-lcs (>= 1.1.2)
    rspec-mocks (2.0.0.beta.22)
      rspec-core (= 2.0.0.beta.22)
      rspec-expectations (= 2.0.0.beta.22)
    webmock (1.3.5)
      addressable (>= 2.1.1)
      crack (>= 0.1.7)

PLATFORMS
  ruby

DEPENDENCIES
  activeresource (>= 2.3.9)
  bundler (>= 1.0.0)
  oauth (= 0.4.3)
  rake
  rspec (= 2.0.0.beta.22)
  signatory!
  webmock (= 1.3.5)
