PATH
  remote: .
  specs:
    signatory (0.0.2)
      activeresource (>= 2.3.9)
      bundler (= 1.0.0)
      oauth (= 0.4.3)

GEM
  remote: http://rubygems.org/
  specs:
    activemodel (3.0.0)
      activesupport (= 3.0.0)
      builder (~> 2.1.2)
      i18n (~> 0.4.1)
    activeresource (3.0.0)
      activemodel (= 3.0.0)
      activesupport (= 3.0.0)
    activesupport (3.0.0)
    addressable (2.2.1)
    builder (2.1.2)
    crack (0.1.8)
    diff-lcs (1.1.2)
    i18n (0.4.1)
    oauth (0.4.3)
    rspec (2.0.0.beta.22)
      rspec-core (= 2.0.0.beta.22)
      rspec-expectations (= 2.0.0.beta.22)
      rspec-mocks (= 2.0.0.beta.22)
    rspec-core (2.0.0.beta.22)
    rspec-expectations (2.0.0.beta.22)
      diff-lcs (>= 1.1.2)
    rspec-mocks (2.0.0.beta.22)
      rspec-core (= 2.0.0.beta.22)
      rspec-expectations (= 2.0.0.beta.22)
    webmock (1.3.5)
      addressable (>= 2.1.1)
      crack (>= 0.1.7)

PLATFORMS
  ruby

DEPENDENCIES
  activeresource (>= 2.3.9)
  bundler (= 1.0.0)
  oauth (= 0.4.3)
  rspec (= 2.0.0.beta.22)
  signatory!
  webmock (= 1.3.5)
